PATH
  remote: .
  specs:
    resample (0.0.7)

GEM
  remote: https://rubygems.org/
  specs:
    byebug (10.0.2)
    rake (10.4.2)

PLATFORMS
  ruby

DEPENDENCIES
  bundler (~> 1.16)
  byebug
  rake (~> 10.0)
  resample!

BUNDLED WITH
   1.16.1
